PATH
  remote: .
  specs:
    god_of_thunder_save (0.2.0)

GEM
  remote: https://rubygems.org/
  specs:
    diff-lcs (1.5.0)
    fakefs (1.8.0)
    rspec (3.11.0)
      rspec-core (~> 3.11.0)
      rspec-expectations (~> 3.11.0)
      rspec-mocks (~> 3.11.0)
    rspec-core (3.11.0)
      rspec-support (~> 3.11.0)
    rspec-expectations (3.11.0)
      diff-lcs (>= 1.2.0, < 2.0)
      rspec-support (~> 3.11.0)
    rspec-mocks (3.11.1)
      diff-lcs (>= 1.2.0, < 2.0)
      rspec-support (~> 3.11.0)
    rspec-support (3.11.0)

PLATFORMS
  x86_64-linux

DEPENDENCIES
  fakefs (~> 1.8.0)
  god_of_thunder_save!
  rspec (~> 3.11.0)

BUNDLED WITH
   2.3.20
